GIT
  remote: git://github.com/sinatra/sinatra.git
  revision: dc4a2dfbef1df3c7dd62ef3178e15b8fab796ba8
  specs:
    sinatra (1.4.0)
      rack (~> 1.3, >= 1.3.6)
      rack-protection (~> 1.2)
      tilt (~> 1.3, >= 1.3.3)

GEM
  remote: http://rubygems.org/
  specs:
    backports (2.3.0)
    blankslate (2.1.2.4)
    builder (3.0.0)
    chunky_png (1.2.5)
    compass (0.11.7)
      chunky_png (~> 1.2)
      fssm (>= 0.2.7)
      sass (~> 3.1)
    diff-lcs (1.1.3)
    ffi (1.0.11)
    fssm (0.2.8.1)
    haml (3.1.4)
    monkey-lib (0.5.4)
      backports
    preamble (0.0.2)
    pygments.rb (0.2.4)
      rubypython (~> 0.5.3)
    rack (1.4.1)
    rack-protection (1.2.0)
      rack
    redcarpet (2.0.1)
    rspec (2.8.0)
      rspec-core (~> 2.8.0)
      rspec-expectations (~> 2.8.0)
      rspec-mocks (~> 2.8.0)
    rspec-core (2.8.0)
    rspec-expectations (2.8.0)
      diff-lcs (~> 1.1.2)
    rspec-mocks (2.8.0)
    rubypython (0.5.3)
      blankslate (>= 2.1.2.3)
      ffi (~> 1.0.7)
    sass (3.1.15)
    sinatra-advanced-routes (0.5.1)
      monkey-lib (~> 0.5.0)
      sinatra (~> 1.0)
      sinatra-sugar (~> 0.5.0)
    sinatra-reloader (0.5.0)
      sinatra (~> 1.0)
      sinatra-advanced-routes (~> 0.5.0)
    sinatra-sugar (0.5.1)
      monkey-lib (~> 0.5.0)
      sinatra (~> 1.0)
    tilt (1.3.3)
    xml-sitemap (1.2.2)
      builder (>= 2.0)

PLATFORMS
  ruby

DEPENDENCIES
  compass
  haml
  preamble (~> 0.0.2)
  pygments.rb
  redcarpet (~> 2.0.1)
  rspec
  sinatra!
  sinatra-reloader
  xml-sitemap
